PATH
  remote: .
  specs:
    encrypted-environment (0.1.0)
      ejson (~> 1.2)

GEM
  remote: https://rubygems.org/
  specs:
    ansi (1.5.0)
    ast (2.4.0)
    builder (3.2.3)
    byebug (10.0.2)
    ejson (1.2.0)
    jaro_winkler (1.5.1)
    metaclass (0.0.4)
    minitest (5.11.3)
    minitest-reporters (1.3.5)
      ansi
      builder
      minitest (>= 5.0)
      ruby-progressbar
    mocha (1.7.0)
      metaclass (~> 0.0.1)
    parallel (1.12.1)
    parser (2.5.3.0)
      ast (~> 2.4.0)
    powerpack (0.1.2)
    rainbow (3.0.0)
    rake (10.5.0)
    rubocop (0.60.0)
      jaro_winkler (~> 1.5.1)
      parallel (~> 1.10)
      parser (>= 2.5, != 2.5.1.1)
      powerpack (~> 0.1)
      rainbow (>= 2.2.2, < 4.0)
      ruby-progressbar (~> 1.7)
      unicode-display_width (~> 1.4.0)
    ruby-progressbar (1.10.0)
    unicode-display_width (1.4.0)

PLATFORMS
  ruby

DEPENDENCIES
  bundler (~> 1.16)
  byebug (~> 10.0)
  encrypted-environment!
  minitest (~> 5.0)
  minitest-reporters (~> 1.3)
  mocha (~> 1.7)
  rake (~> 10.0)
  rubocop (~> 0.60.0)

BUNDLED WITH
   1.16.6
